GEM
  remote: https://rubygems.org/
  specs:
    addressable (2.8.1)
      public_suffix (>= 2.0.2, < 6.0)
    hashie (5.0.0)
    json (2.6.3)
    launchy (2.5.2)
      addressable (~> 2.8)
    oauth (1.1.0)
      oauth-tty (~> 1.0, >= 1.0.1)
      snaky_hash (~> 2.0)
      version_gem (~> 1.1)
    oauth-tty (1.0.5)
      version_gem (~> 1.1, >= 1.1.1)
    public_suffix (5.0.1)
    snaky_hash (2.0.1)
      hashie
      version_gem (~> 1.1, >= 1.1.1)
    version_gem (1.1.1)

PLATFORMS
  ruby

DEPENDENCIES
  json
  launchy
  oauth

BUNDLED WITH
   2.4.3
