GEM
  remote: https://rubygems.org/
  specs:
    addressable (2.8.1)
      public_suffix (>= 2.0.2, < 6.0)
    json (2.6.2)
    launchy (2.5.0)
      addressable (~> 2.7)
    oauth (1.0.0)
      version_gem (~> 1.1)
    public_suffix (5.0.0)
    version_gem (1.1.0)

PLATFORMS
  ruby

DEPENDENCIES
  json
  launchy
  oauth

BUNDLED WITH
   2.3.21
