GEM
  remote: https://rubygems.org/
  specs:
    addressable (2.8.7)
      public_suffix (>= 2.0.2, < 7.0)
    base64 (0.3.0)
    childprocess (5.1.0)
      logger (~> 1.5)
    hashie (5.0.0)
    json (2.13.2)
    launchy (3.1.1)
      addressable (~> 2.8)
      childprocess (~> 5.0)
      logger (~> 1.6)
    logger (1.7.0)
    oauth (1.1.0)
      oauth-tty (~> 1.0, >= 1.0.1)
      snaky_hash (~> 2.0)
      version_gem (~> 1.1)
    oauth-tty (1.0.5)
      version_gem (~> 1.1, >= 1.1.1)
    public_suffix (6.0.2)
    snaky_hash (2.0.3)
      hashie (>= 0.1.0, < 6)
      version_gem (>= 1.1.8, < 3)
    version_gem (1.1.8)

PLATFORMS
  ruby

DEPENDENCIES
  base64
  json
  launchy
  oauth

RUBY VERSION
   ruby 3.4.2p28

BUNDLED WITH
   2.7.1
