GEM
  remote: https://rubygems.org/
  specs:
    addressable (2.8.0)
      public_suffix (>= 2.0.2, < 5.0)
    json (2.3.0)
    launchy (2.4.3)
      addressable (~> 2.3)
    oauth (0.5.4)
    public_suffix (4.0.6)

PLATFORMS
  ruby

DEPENDENCIES
  json
  launchy
  oauth

BUNDLED WITH
   2.0.2
